PATH
  remote: .
  specs:
    geared_pagination (0.1)
      activesupport (>= 5.0)
      addressable (>= 2.5.0)

GEM
  remote: https://rubygems.org/
  specs:
    activesupport (5.1.0.beta1)
      concurrent-ruby (~> 1.0, >= 1.0.2)
      i18n (~> 0.7)
      minitest (~> 5.1)
      tzinfo (~> 1.1)
    addressable (2.5.0)
      public_suffix (~> 2.0, >= 2.0.2)
    byebug (9.0.6)
    concurrent-ruby (1.0.4)
    i18n (0.8.1)
    minitest (5.10.1)
    public_suffix (2.0.5)
    rake (12.0.0)
    thread_safe (0.3.5)
    tzinfo (1.2.2)
      thread_safe (~> 0.1)

PLATFORMS
  ruby

DEPENDENCIES
  bundler (~> 1.12)
  byebug
  geared_pagination!
  rake

BUNDLED WITH
   1.14.6
